GEM
  remote: https://rubygems.org/
  specs:
    coderay (1.1.1)
    graph-reader (0.1.0)
    method_source (0.8.2)
    pry (0.10.4)
      coderay (~> 1.1.0)
      method_source (~> 0.8.1)
      slop (~> 3.4)
    ruby-skyline-core (0.1.8)
    slop (3.6.0)

PLATFORMS
  x64-mingw32

DEPENDENCIES
  graph-reader
  pry
  ruby-skyline-core

BUNDLED WITH
   1.12.5
